

GROUP MBApiProtoGenerator
RESTRICTION: == net472
NUGET
  remote: https://api.nuget.org/v3/index.json
    Microsoft.Bcl.AsyncInterfaces (6.0)
      System.Threading.Tasks.Extensions (>= 4.5.4)
    Microsoft.Build (17.1)
      Microsoft.Build.Framework (>= 17.1)
      Microsoft.IO.Redist (>= 6.0)
      Microsoft.NET.StringTools (>= 1.0)
      Microsoft.VisualStudio.Setup.Configuration.Interop (>= 3.0.4492)
      System.Collections.Immutable (>= 5.0)
      System.Configuration.ConfigurationManager (>= 4.7)
      System.Memory (>= 4.5.4)
      System.Text.Json (>= 6.0)
      System.Threading.Tasks.Dataflow (>= 6.0)
    Microsoft.Build.Framework (17.1)
      Microsoft.VisualStudio.Setup.Configuration.Interop (>= 3.0.4492)
      System.Runtime.CompilerServices.Unsafe (>= 6.0)
    Microsoft.Build.Utilities.Core (17.1)
      Microsoft.Build.Framework (>= 17.1)
      Microsoft.IO.Redist (>= 6.0)
      Microsoft.NET.StringTools (>= 1.0)
      Microsoft.VisualStudio.Setup.Configuration.Interop (>= 3.0.4492)
      System.Collections.Immutable (>= 5.0)
      System.Configuration.ConfigurationManager (>= 4.7)
    Microsoft.IO.Redist (6.0)
      System.Buffers (>= 4.5.1)
      System.Memory (>= 4.5.4)
    Microsoft.NET.StringTools (1.0)
      System.Memory (>= 4.5.4)
      System.Runtime.CompilerServices.Unsafe (>= 5.0)
    Microsoft.VisualStudio.Setup.Configuration.Interop (3.1.2196)
    Ninject (3.3.4)
    System.Buffers (4.5.1)
    System.Collections.Immutable (6.0)
      System.Memory (>= 4.5.4)
      System.Runtime.CompilerServices.Unsafe (>= 6.0)
    System.Configuration.ConfigurationManager (6.0)
      System.Security.Permissions (>= 6.0)
    System.Memory (4.5.4)
      System.Buffers (>= 4.5.1)
      System.Numerics.Vectors (>= 4.5)
      System.Runtime.CompilerServices.Unsafe (>= 4.5.3)
    System.Numerics.Vectors (4.5)
    System.Runtime.CompilerServices.Unsafe (6.0)
    System.Security.AccessControl (6.0)
      System.Security.Principal.Windows (>= 5.0)
    System.Security.Permissions (6.0)
      System.Security.AccessControl (>= 6.0)
    System.Security.Principal.Windows (5.0)
    System.Text.Encodings.Web (6.0)
      System.Buffers (>= 4.5.1)
      System.Memory (>= 4.5.4)
      System.Runtime.CompilerServices.Unsafe (>= 6.0)
    System.Text.Json (6.0.3)
      Microsoft.Bcl.AsyncInterfaces (>= 6.0)
      System.Buffers (>= 4.5.1)
      System.Memory (>= 4.5.4)
      System.Numerics.Vectors (>= 4.5)
      System.Runtime.CompilerServices.Unsafe (>= 6.0)
      System.Text.Encodings.Web (>= 6.0)
      System.Threading.Tasks.Extensions (>= 4.5.4)
      System.ValueTuple (>= 4.5)
    System.Threading.Tasks.Dataflow (6.0)
    System.Threading.Tasks.Extensions (4.5.4)
      System.Runtime.CompilerServices.Unsafe (>= 4.5.3)
    System.ValueTuple (4.5)

GROUP NetFramework
RESTRICTION: == net472
NUGET
  remote: https://api.nuget.org/v3/index.json
    Castle.Core (4.4.1)
    Fody (6.6)
    Google.Protobuf (3.20)
      System.Memory (>= 4.5.3)
    Grpc (2.45)
      Grpc.Core (>= 2.45)
    Grpc.Core (2.45)
      Grpc.Core.Api (>= 2.45)
      System.Memory (>= 4.5.3)
    Grpc.Core.Api (2.45)
      System.Memory (>= 4.5.3)
    Grpc.Tools (2.45)
    HtmlAgilityPack (1.11.42)
    Microsoft.Bcl.AsyncInterfaces (6.0)
      System.Threading.Tasks.Extensions (>= 4.5.4)
    Microsoft.Extensions.DependencyInjection (5.0.2)
      Microsoft.Bcl.AsyncInterfaces (>= 5.0)
      Microsoft.Extensions.DependencyInjection.Abstractions (>= 5.0)
      System.Threading.Tasks.Extensions (>= 4.5.4)
    Microsoft.Extensions.DependencyInjection.Abstractions (5.0)
    Microsoft.Extensions.Logging.Abstractions (5.0)
    morelinq (3.3.2)
      System.ValueTuple (>= 4.5)
    Newtonsoft.Json (13.0.1)
    Ninject (3.3.4)
    Ninject.Extensions.Factory (3.3.3)
      Castle.Core (>= 4.2)
      Ninject (>= 3.3.3)
    PropertyChanged.Fody (3.4)
      Fody (>= 6.5.1)
    protobuf-net (3.0.101)
      protobuf-net.Core (>= 3.0.101)
      System.Memory (>= 4.5.4)
    protobuf-net.Core (3.0.101)
      System.Collections.Immutable (>= 1.7.1)
      System.Memory (>= 4.5.4)
    System.Buffers (4.5.1)
    System.Collections.Immutable (6.0)
      System.Memory (>= 4.5.4)
      System.Runtime.CompilerServices.Unsafe (>= 6.0)
    System.Linq.Async (6.0.1)
      Microsoft.Bcl.AsyncInterfaces (>= 6.0)
    System.Memory (4.5.4)
      System.Buffers (>= 4.5.1)
      System.Numerics.Vectors (>= 4.5)
      System.Runtime.CompilerServices.Unsafe (>= 4.5.3)
    System.Numerics.Vectors (4.5)
    System.Runtime.CompilerServices.Unsafe (6.0)
    System.Text.Encoding.CodePages (5.0)
      System.Runtime.CompilerServices.Unsafe (>= 5.0)
    System.Threading.Tasks.Extensions (4.5.4)
      System.Runtime.CompilerServices.Unsafe (>= 4.5.3)
    System.ValueTuple (4.5)
    VkNet (1.68)
      HtmlAgilityPack (>= 1.11.38)
      Microsoft.Extensions.DependencyInjection (>= 5.0.2 < 6.0)
      Microsoft.Extensions.Logging.Abstractions (>= 5.0 < 6.0)
      Newtonsoft.Json (>= 13.0.1)
      System.Text.Encoding.CodePages (>= 5.0 < 6.0)
    VkNet.AudioBypassService (1.7.2)
      protobuf-net (>= 3.0.101)
      VkNet (>= 1.68)
    WindowsAPICodePack (1.1.2)
