

GROUP NetFramework
RESTRICTION: == net472
NUGET
  remote: https://api.nuget.org/v3/index.json
    Castle.Core (4.4.1)
    Fody (6.6)
    Google.Protobuf (3.19.4)
      System.Memory (>= 4.5.3)
    Grpc (2.43)
      Grpc.Core (>= 2.43)
    Grpc.Core (2.43)
      Grpc.Core.Api (>= 2.43)
      System.Memory (>= 4.5.3)
    Grpc.Core.Api (2.43)
      System.Memory (>= 4.5.3)
    Grpc.Tools (2.43)
    HtmlAgilityPack (1.11.40)
    Microsoft.Bcl.AsyncInterfaces (6.0)
      System.Threading.Tasks.Extensions (>= 4.5.4)
    Microsoft.Extensions.DependencyInjection (5.0.2)
      Microsoft.Bcl.AsyncInterfaces (>= 5.0)
      Microsoft.Extensions.DependencyInjection.Abstractions (>= 5.0)
      System.Threading.Tasks.Extensions (>= 4.5.4)
    Microsoft.Extensions.DependencyInjection.Abstractions (5.0)
    Microsoft.Extensions.Logging.Abstractions (5.0)
    morelinq (3.3.2)
      System.ValueTuple (>= 4.5)
    Newtonsoft.Json (13.0.1)
    Ninject (3.3.4)
    Ninject.Extensions.Factory (3.3.3)
      Castle.Core (>= 4.2)
      Ninject (>= 3.3.3)
    PropertyChanged.Fody (3.4)
      Fody (>= 6.5.1)
    protobuf-net (2.4.6)
    System.Buffers (4.4)
    System.Linq.Async (5.1)
      Microsoft.Bcl.AsyncInterfaces (>= 6.0)
    System.Memory (4.5.3)
      System.Buffers (>= 4.4)
      System.Numerics.Vectors (>= 4.4)
      System.Runtime.CompilerServices.Unsafe (>= 4.5.2)
    System.Numerics.Vectors (4.5)
    System.Runtime.CompilerServices.Unsafe (6.0)
    System.Text.Encoding.CodePages (5.0)
      System.Runtime.CompilerServices.Unsafe (>= 5.0)
    System.Threading.Tasks.Extensions (4.5.4)
      System.Runtime.CompilerServices.Unsafe (>= 4.5.3)
    System.ValueTuple (4.5)
    VkNet (1.68)
      HtmlAgilityPack (>= 1.11.38)
      Microsoft.Extensions.DependencyInjection (>= 5.0.2 < 6.0)
      Microsoft.Extensions.Logging.Abstractions (>= 5.0 < 6.0)
      Newtonsoft.Json (>= 13.0.1)
      System.Text.Encoding.CodePages (>= 5.0 < 6.0)
    VkNet.AudioBypassService (1.7)
      protobuf-net (>= 2.4.6)
      VkNet (>= 1.55)
    WindowsAPICodePack (1.1.2)
