

GROUP MBApiProtoGenerator
RESTRICTION: == net472
NUGET
  remote: https://api.nuget.org/v3/index.json
    Autofac (6.5)
      Microsoft.Bcl.AsyncInterfaces (>= 1.1)
      System.Diagnostics.DiagnosticSource (>= 4.7.1)
    Microsoft.Bcl.AsyncInterfaces (6.0)
      System.Threading.Tasks.Extensions (>= 4.5.4)
    Microsoft.Build (17.2)
      Microsoft.Build.Framework (>= 17.2)
      Microsoft.IO.Redist (>= 6.0)
      Microsoft.NET.StringTools (>= 1.0)
      System.Collections.Immutable (>= 5.0)
      System.Configuration.ConfigurationManager (>= 4.7)
      System.Memory (>= 4.5.4)
      System.Text.Json (>= 6.0)
      System.Threading.Tasks.Dataflow (>= 6.0)
    Microsoft.Build.Framework (17.2)
      System.Runtime.CompilerServices.Unsafe (>= 6.0)
    Microsoft.Build.Utilities.Core (17.2)
      Microsoft.Build.Framework (>= 17.2)
      Microsoft.IO.Redist (>= 6.0)
      Microsoft.NET.StringTools (>= 1.0)
      System.Collections.Immutable (>= 5.0)
      System.Configuration.ConfigurationManager (>= 4.7)
    Microsoft.IO.Redist (6.0)
      System.Buffers (>= 4.5.1)
      System.Memory (>= 4.5.4)
    Microsoft.NET.StringTools (1.0)
      System.Memory (>= 4.5.4)
      System.Runtime.CompilerServices.Unsafe (>= 5.0)
    System.Buffers (4.5.1)
    System.Collections.Immutable (6.0)
      System.Memory (>= 4.5.4)
      System.Runtime.CompilerServices.Unsafe (>= 6.0)
    System.Configuration.ConfigurationManager (6.0)
      System.Security.Permissions (>= 6.0)
    System.Diagnostics.DiagnosticSource (7.0)
      System.Memory (>= 4.5.5)
      System.Runtime.CompilerServices.Unsafe (>= 6.0)
    System.Memory (4.5.5)
      System.Buffers (>= 4.5.1)
      System.Numerics.Vectors (>= 4.5)
      System.Runtime.CompilerServices.Unsafe (>= 4.5.3)
    System.Numerics.Vectors (4.5)
    System.Runtime.CompilerServices.Unsafe (6.0)
    System.Security.AccessControl (6.0)
      System.Security.Principal.Windows (>= 5.0)
    System.Security.Permissions (6.0)
      System.Security.AccessControl (>= 6.0)
    System.Security.Principal.Windows (5.0)
    System.Text.Encodings.Web (6.0)
      System.Buffers (>= 4.5.1)
      System.Memory (>= 4.5.4)
      System.Runtime.CompilerServices.Unsafe (>= 6.0)
    System.Text.Json (6.0.5)
      Microsoft.Bcl.AsyncInterfaces (>= 6.0)
      System.Buffers (>= 4.5.1)
      System.Memory (>= 4.5.4)
      System.Numerics.Vectors (>= 4.5)
      System.Runtime.CompilerServices.Unsafe (>= 6.0)
      System.Text.Encodings.Web (>= 6.0)
      System.Threading.Tasks.Extensions (>= 4.5.4)
      System.ValueTuple (>= 4.5)
    System.Threading.Tasks.Dataflow (6.0)
    System.Threading.Tasks.Extensions (4.5.4)
      System.Runtime.CompilerServices.Unsafe (>= 4.5.3)
    System.ValueTuple (4.5)

GROUP NetFramework
RESTRICTION: == net472
NUGET
  remote: https://api.nuget.org/v3/index.json
    Autofac (6.5)
      Microsoft.Bcl.AsyncInterfaces (>= 1.1)
      System.Diagnostics.DiagnosticSource (>= 4.7.1)
    Fody (6.6.3)
    Google.Protobuf (3.21.1)
      System.Memory (>= 4.5.3)
    Grpc (2.46.3)
      Grpc.Core (>= 2.46.3)
    Grpc.Core (2.46.3)
      Grpc.Core.Api (>= 2.46.3)
      System.Memory (>= 4.5.3)
    Grpc.Core.Api (2.46.3)
      System.Memory (>= 4.5.3)
    Grpc.Tools (2.46.3)
    HtmlAgilityPack (1.11.46)
    MahApps.Metro.IconPacks (4.11)
    Mead.MusicBee (1.1.1)
    Microsoft.Bcl.AsyncInterfaces (7.0)
      System.Threading.Tasks.Extensions (>= 4.5.4)
    Microsoft.Extensions.DependencyInjection (7.0)
      Microsoft.Bcl.AsyncInterfaces (>= 7.0)
      Microsoft.Extensions.DependencyInjection.Abstractions (>= 7.0)
      System.Threading.Tasks.Extensions (>= 4.5.4)
    Microsoft.Extensions.DependencyInjection.Abstractions (7.0)
      Microsoft.Bcl.AsyncInterfaces (>= 7.0)
      System.Threading.Tasks.Extensions (>= 4.5.4)
    Microsoft.Extensions.Logging.Abstractions (7.0)
      System.Buffers (>= 4.5.1)
      System.Memory (>= 4.5.5)
    morelinq (3.3.2)
      System.ValueTuple (>= 4.5)
    Newtonsoft.Json (13.0.1)
    PropertyChanged.Fody (3.4.1)
      Fody (>= 6.6.2)
    protobuf-net (3.1.26)
      protobuf-net.Core (>= 3.1.26)
    protobuf-net.Core (3.1.26)
      System.Collections.Immutable (>= 1.7.1)
      System.Memory (>= 4.5.5)
    System.Buffers (4.5.1)
    System.Collections.Immutable (6.0)
      System.Memory (>= 4.5.4)
      System.Runtime.CompilerServices.Unsafe (>= 6.0)
    System.Diagnostics.DiagnosticSource (7.0)
      System.Memory (>= 4.5.5)
      System.Runtime.CompilerServices.Unsafe (>= 6.0)
    System.Linq.Async (6.0.1)
      Microsoft.Bcl.AsyncInterfaces (>= 6.0)
    System.Memory (4.5.5)
      System.Buffers (>= 4.5.1)
      System.Numerics.Vectors (>= 4.5)
      System.Runtime.CompilerServices.Unsafe (>= 4.5.3)
    System.Numerics.Vectors (4.5)
    System.Runtime.CompilerServices.Unsafe (6.0)
    System.Text.Encoding.CodePages (7.0)
      System.Memory (>= 4.5.5)
      System.Runtime.CompilerServices.Unsafe (>= 6.0)
    System.Threading.Tasks.Extensions (4.5.4)
      System.Runtime.CompilerServices.Unsafe (>= 4.5.3)
    System.ValueTuple (4.5)
    System.Xml.Linq (3.5.21022.801)
    VkNet (1.72)
      HtmlAgilityPack (>= 1.11.46)
      Microsoft.Extensions.DependencyInjection (>= 6.0.1)
      Microsoft.Extensions.Logging.Abstractions (>= 6.0.2)
      Newtonsoft.Json (>= 13.0.1)
      System.Text.Encoding.CodePages (>= 6.0)
    VkNet.AudioBypassService (1.7.4)
      protobuf-net (>= 3.1.25)
      VkNet (>= 1.72)
    WindowsAPICodePack (1.1.2)
